GEM
  remote: https://rubygems.org/
  specs:
    time_ago_in_words (0.1.1)

PLATFORMS
  ruby

DEPENDENCIES
  time_ago_in_words (= 0.1.1)

BUNDLED WITH
   1.15.4
